GEM
  remote: https://rubygems.org/
  specs:
    bigdecimal (3.1.9)
    colorize (1.1.0)
    json (2.10.1)
    matrix (0.4.2)
    pastel (0.8.0)
      tty-color (~> 0.5)
    pdf-core (0.10.0)
    prawn (2.5.0)
      matrix (~> 0.4)
      pdf-core (~> 0.10.0)
      ttfunk (~> 1.8)
    ttfunk (1.8.0)
      bigdecimal (~> 3.1)
    tty-color (0.6.0)
    tty-cursor (0.7.1)
    tty-prompt (0.23.1)
      pastel (~> 0.8)
      tty-reader (~> 0.8)
    tty-reader (0.9.0)
      tty-cursor (~> 0.7)
      tty-screen (~> 0.8)
      wisper (~> 2.0)
    tty-screen (0.8.2)
    tty-spinner (0.9.3)
      tty-cursor (~> 0.7)
    wisper (2.0.1)

PLATFORMS
  ruby
  x86_64-linux

DEPENDENCIES
  colorize
  json
  prawn
  tty-prompt
  tty-spinner

BUNDLED WITH
   2.6.5
